GEM
  remote: https://rubygems.org/
  specs:
    nio4r (2.5.2)
    puma (4.2.1)
      nio4r (~> 2.0)

PLATFORMS
  ruby

DEPENDENCIES
  puma

BUNDLED WITH
   1.17.3
