GEM
  remote: https://rubygems.org/
  specs:
    nio4r (2.5.2-java)
    puma (4.3.1-java)
      nio4r (~> 2.0)

PLATFORMS
  java

DEPENDENCIES
  puma

BUNDLED WITH
   1.17.3
